PATH
  remote: .
  specs:
    taste_tester (0.0.6)
      between_meals
      colorize
      mixlib-config

GEM
  remote: https://rubygems.org/
  specs:
    between_meals (0.0.4)
      colorize
      json
      mixlib-shellout
      rugged
    colorize (0.7.3)
    json (1.8.1)
    mixlib-config (2.1.0)
    mixlib-shellout (1.6.0)
    rugged (0.21.0)

PLATFORMS
  ruby

DEPENDENCIES
  taste_tester!
